GEM
  remote: https://rubygems.org/
  specs:
    cinch (2.1.0)
    hipchat (1.2.0)
      httparty
    httparty (0.13.1)
      json (~> 1.8)
      multi_xml (>= 0.5.2)
    json (1.8.1)
    multi_xml (0.5.5)
    rinku (1.7.3)

PLATFORMS
  ruby

DEPENDENCIES
  cinch (~> 2.1.0)
  hipchat (~> 1.2.0)
  rinku (~> 1.7.2)
